GEM
  remote: https://rubygems.org/
  specs:
    activesupport (4.2.0)
      i18n (~> 0.7)
      json (~> 1.7, >= 1.7.7)
      minitest (~> 5.1)
      thread_safe (~> 0.3, >= 0.3.4)
      tzinfo (~> 1.1)
    addressable (2.3.7)
    cinch (2.2.4)
    cleverbot-api (0.0.4)
    daemons (1.1.9)
    faraday (0.9.1)
      multipart-post (>= 1.2, < 3)
    google-search (1.0.3)
      json
    haste (0.2.1)
      faraday
      json
    httparty (0.13.3)
      json (~> 1.8)
      multi_xml (>= 0.5.2)
    i18n (0.7.0)
    json (1.8.2)
    libxml-ruby (2.8.0)
    mini_portile (0.6.2)
    minitest (5.5.1)
    multi_xml (0.5.5)
    multipart-post (2.0.0)
    nokogiri (1.6.6.2)
      mini_portile (~> 0.6.0)
    thread_safe (0.3.4)
    time_difference (0.3.2)
      activesupport
    tzinfo (1.2.2)
      thread_safe (~> 0.1)
    wolfram (0.2.1)
      nokogiri (>= 1.4.3)
    wunderground (1.2.0)
      addressable
      httparty (> 0.6.0)
      json (> 1.4.0)
    xkcd (1.1.0)
      google-search
      nokogiri (>= 1.5.0)

PLATFORMS
  ruby

DEPENDENCIES
  cinch
  cleverbot-api
  daemons
  haste
  json
  libxml-ruby
  nokogiri
  time_difference
  wolfram
  wunderground
  xkcd
