GEM
  remote: https://rubygems.org/
  specs:
    activesupport (5.0.1)
      concurrent-ruby (~> 1.0, >= 1.0.2)
      i18n (~> 0.7)
      minitest (~> 5.1)
      tzinfo (~> 1.1)
    addressable (2.5.0)
      public_suffix (~> 2.0, >= 2.0.2)
    cinch (2.3.3)
    cinch-identify (1.7.0)
      cinch (~> 2.0)
    cld (0.7.0)
      ffi
    cleverbot-api (0.0.4)
    concurrent-ruby (1.0.4)
    crass (1.0.2)
    daemons (1.2.4)
    domain_name (0.5.20161129)
      unf (>= 0.0.5, < 1.0.0)
    duck-duck-go (1.1.3)
      httpclient
      json
    faraday (0.10.0)
      multipart-post (>= 1.2, < 3)
    ffi (1.9.14)
    flippy (0.1.2)
      ruby-termios
      trollop
    genregen (0.0.7)
    goodreads (0.4.3)
      activesupport (>= 3.0)
      hashie (~> 2.0)
      i18n (~> 0.5)
      oauth (~> 0.4)
      rest-client (~> 1.6)
    google-search (1.0.3)
      json
    hashie (2.1.2)
    haste (0.2.1)
      faraday
      json
    highline (1.7.8)
    http-cookie (1.0.3)
      domain_name (~> 0.5)
    httparty (0.14.0)
      multi_xml (>= 0.5.2)
    httpclient (2.8.3)
    i18n (0.7.0)
    json (2.0.2)
    lastfm (1.27.1)
      activesupport (>= 3.2.0)
      httparty
      xml-simple
    leetspeak (0.1.1)
    mechanize (2.7.5)
      domain_name (~> 0.5, >= 0.5.1)
      http-cookie (~> 1.0)
      mime-types (>= 1.17.2)
      net-http-digest_auth (~> 1.1, >= 1.1.1)
      net-http-persistent (~> 2.5, >= 2.5.2)
      nokogiri (~> 1.6)
      ntlm-http (~> 0.1, >= 0.1.1)
      webrobots (>= 0.0.9, < 0.2)
    megahal (2.0.0)
      cld (~> 0.7)
      highline (~> 1.7)
      ruby-progressbar (~> 1.7)
      rubyzip (~> 1.1)
      sooth (~> 2.0)
    mime-types (2.99.3)
    mini_portile2 (2.1.0)
    minitest (5.10.1)
    multi_xml (0.6.0)
    multipart-post (2.0.0)
    net-http-digest_auth (1.4)
    net-http-persistent (2.9.4)
    netrc (0.11.0)
    nokogiri (1.7.0)
      mini_portile2 (~> 2.1.0)
    nokogumbo (1.4.10)
      nokogiri
    ntlm-http (0.1.1)
    oauth (0.5.1)
    open_uri_redirections (0.2.1)
    public_suffix (2.0.4)
    research_topicgen (0.1.5)
    rest-client (1.8.0)
      http-cookie (>= 1.0.2, < 2.0)
      mime-types (>= 1.16, < 3.0)
      netrc (~> 0.7)
    ruby-eval-in (0.0.4)
      nokogiri
    ruby-progressbar (1.8.1)
    ruby-termios (1.0.2)
    ruby-upworthy (0.0.2)
    rubyzip (1.2.0)
    sanitize (4.4.0)
      crass (~> 1.0.2)
      nokogiri (>= 1.4.4)
      nokogumbo (~> 1.4.1)
    sooth (2.0.0)
    telegraph (1.0.1)
    thread_safe (0.3.5)
    time_difference (0.5.0)
      activesupport
    trollop (2.1.2)
    tzinfo (1.2.2)
      thread_safe (~> 0.1)
    unf (0.1.4)
      unf_ext
    unf_ext (0.0.7.2)
    webrobots (0.1.2)
    wolfram (0.2.1)
      nokogiri (>= 1.4.3)
    wunderground (1.2.0)
      addressable
      httparty (> 0.6.0)
      json (> 1.4.0)
    xkcd (1.1.0)
      google-search
      nokogiri (>= 1.5.0)
    xml-simple (1.1.5)

PLATFORMS
  ruby

DEPENDENCIES
  cinch
  cinch-identify
  cleverbot-api
  daemons
  duck-duck-go
  flippy
  genregen
  goodreads
  haste
  json
  lastfm
  leetspeak
  mechanize
  megahal
  nokogiri
  open_uri_redirections
  research_topicgen
  ruby-eval-in
  ruby-upworthy
  sanitize
  telegraph
  time_difference
  wolfram
  wunderground
  xkcd

BUNDLED WITH
   1.12.5
