GEM
  remote: https://rubygems.org/
  specs:
    activesupport (4.2.4)
      i18n (~> 0.7)
      json (~> 1.7, >= 1.7.7)
      minitest (~> 5.1)
      thread_safe (~> 0.3, >= 0.3.4)
      tzinfo (~> 1.1)
    addressable (2.3.8)
    cinch (2.3.0)
    cinch-identify (1.7.0)
      cinch (~> 2.0)
    cld (0.7.0)
      ffi
    cleverbot-api (0.0.4)
    daemons (1.2.3)
    domain_name (0.5.25)
      unf (>= 0.0.5, < 1.0.0)
    duck-duck-go (1.1.3)
      httpclient
      json
    faraday (0.9.2)
      multipart-post (>= 1.2, < 3)
    ffi (1.9.10)
    flippy (0.1.2)
      ruby-termios
      trollop
    google-search (1.0.3)
      json
    haste (0.2.1)
      faraday
      json
    highline (1.7.8)
    http-cookie (1.0.2)
      domain_name (~> 0.5)
    httparty (0.13.7)
      json (~> 1.8)
      multi_xml (>= 0.5.2)
    httpclient (2.6.0.1)
    i18n (0.7.0)
    json (1.8.3)
    lastfm (1.27.0)
      activesupport (>= 3.2.0)
      httparty
      xml-simple
    leetspeak (0.1.1)
    mechanize (2.7.3)
      domain_name (~> 0.5, >= 0.5.1)
      http-cookie (~> 1.0)
      mime-types (~> 2.0)
      net-http-digest_auth (~> 1.1, >= 1.1.1)
      net-http-persistent (~> 2.5, >= 2.5.2)
      nokogiri (~> 1.4)
      ntlm-http (~> 0.1, >= 0.1.1)
      webrobots (>= 0.0.9, < 0.2)
    megahal (1.0.4)
      cld (~> 0.7)
      highline (~> 1.7)
      ruby-progressbar (~> 1.7)
      rubyzip (~> 1.1)
      sooth (~> 1.0)
    mime-types (2.6.2)
    mini_portile (0.6.2)
    minitest (5.8.2)
    multi_xml (0.5.5)
    multipart-post (2.0.0)
    net-http-digest_auth (1.4)
    net-http-persistent (2.9.4)
    nokogiri (1.6.6.2)
      mini_portile (~> 0.6.0)
    ntlm-http (0.1.1)
    open_uri_redirections (0.2.1)
    ruby-progressbar (1.7.5)
    ruby-termios (0.9.6)
    ruby-upworthy (0.0.2)
    rubyzip (1.1.7)
    sooth (1.0.3)
    telegraph (1.0.1)
    thread_safe (0.3.5)
    time_difference (0.4.2)
      activesupport
    trollop (2.1.2)
    tzinfo (1.2.2)
      thread_safe (~> 0.1)
    unf (0.1.4)
      unf_ext
    unf_ext (0.0.7.1)
    webrobots (0.1.1)
    wolfram (0.2.1)
      nokogiri (>= 1.4.3)
    wunderground (1.2.0)
      addressable
      httparty (> 0.6.0)
      json (> 1.4.0)
    xkcd (1.1.0)
      google-search
      nokogiri (>= 1.5.0)
    xml-simple (1.1.5)

PLATFORMS
  ruby

DEPENDENCIES
  cinch
  cinch-identify
  cleverbot-api
  daemons
  duck-duck-go
  flippy
  haste
  json
  lastfm
  leetspeak
  mechanize
  megahal
  nokogiri
  open_uri_redirections
  ruby-upworthy
  telegraph
  time_difference
  wolfram
  wunderground
  xkcd

BUNDLED WITH
   1.10.4
